PATH
  remote: .
  specs:
    circleci_artifact (0.1.0)
      circleci (~> 2.0)

GEM
  remote: https://rubygems.org/
  specs:
    circleci (2.0.2)
    minitest (5.11.3)
    rake (10.5.0)

PLATFORMS
  ruby

DEPENDENCIES
  bundler (~> 1.16)
  circleci_artifact!
  minitest (~> 5.0)
  rake (~> 10.0)

BUNDLED WITH
   1.16.1
